GEM
  remote: https://rubygems.org/
  specs:
    byebug (11.1.3)
    gruff (0.12.1)
      histogram
      rmagick
    histogram (0.2.4.1)
    numo-linalg (0.1.5)
      numo-narray (>= 0.9.1.4)
    numo-narray (0.9.1.8)
    rmagick (4.1.2)

PLATFORMS
  ruby

DEPENDENCIES
  byebug
  gruff (~> 0.12.1)
  numo-linalg (~> 0.1.5)
  numo-narray (~> 0.9.1.8)

BUNDLED WITH
   2.1.4
